GEM
  remote: https://rubygems.org/
  specs:
    aes (0.5.0)

PLATFORMS
  x86-mingw32

DEPENDENCIES
  aes (= 0.5.0)

BUNDLED WITH
   2.0.1
